GEM
  remote: https://rubygems.org/
  specs:
    awesome_print (1.2.0)
    json (1.8.1)
    redis (3.1.0)
    thor (0.19.1)

PLATFORMS
  ruby

DEPENDENCIES
  awesome_print
  json
  redis
  thor
