GEM
  remote: https://rubygems.org/
  specs:
    json (1.8.1)
    redis (3.1.0)
    thor (0.19.1)

PLATFORMS
  ruby

DEPENDENCIES
  json
  redis
  thor
